GIT
  remote: git://github.com/satoyos/guard-motion.git
  revision: 3567a6e0a17057d87818ab005098970ba30c7a5b
  branch: inherit_Plugin
  specs:
    guard-motion (0.1.3)
      guard (>= 1.1.0)
      rake (>= 0.9)

GEM
  remote: https://rubygems.org/
  specs:
    CFPropertyList (2.3.4)
    ProMotion (2.6.1)
      methadone (~> 1.7)
      motion_print (~> 1.0)
    ProMotion-XLForm (0.0.15)
      ProMotion (~> 2.0)
      motion-cocoapods (~> 1.4)
    RedAlert (1.5)
      ruby_motion_query (>= 1.3.4)
    activesupport (4.2.7.1)
      i18n (~> 0.7)
      json (~> 1.7, >= 1.7.7)
      minitest (~> 5.1)
      thread_safe (~> 0.3, >= 0.3.4)
      tzinfo (~> 1.1)
    addressable (2.3.8)
    afmotion (2.6)
      motion-cocoapods (>= 1.4.1)
      motion-require (>= 0.1)
    babosa (1.0.2)
    bubble-wrap (1.9.6)
    builder (3.2.2)
    cdq (1.0.8)
      motion-yaml (= 1.4)
      ruby-xcdm (>= 0.0.9)
    claide (1.0.1)
    cocoapods (1.1.1)
      activesupport (>= 4.0.2, < 5)
      claide (>= 1.0.1, < 2.0)
      cocoapods-core (= 1.1.1)
      cocoapods-deintegrate (>= 1.0.1, < 2.0)
      cocoapods-downloader (>= 1.1.2, < 2.0)
      cocoapods-plugins (>= 1.0.0, < 2.0)
      cocoapods-search (>= 1.0.0, < 2.0)
      cocoapods-stats (>= 1.0.0, < 2.0)
      cocoapods-trunk (>= 1.1.1, < 2.0)
      cocoapods-try (>= 1.1.0, < 2.0)
      colored (~> 1.2)
      escape (~> 0.0.4)
      fourflusher (~> 2.0.1)
      gh_inspector (~> 1.0)
      molinillo (~> 0.5.1)
      nap (~> 1.0)
      xcodeproj (>= 1.3.3, < 2.0)
    cocoapods-core (1.1.1)
      activesupport (>= 4.0.2, < 5)
      fuzzy_match (~> 2.0.4)
      nap (~> 1.0)
    cocoapods-deintegrate (1.0.1)
    cocoapods-downloader (1.1.2)
    cocoapods-plugins (1.0.0)
      nap
    cocoapods-search (1.0.0)
    cocoapods-stats (1.0.0)
    cocoapods-trunk (1.1.1)
      nap (>= 0.8, < 2.0)
      netrc (= 0.7.8)
    cocoapods-try (1.1.0)
    coderay (1.1.1)
    colored (1.2)
    commander (4.4.1)
      highline (~> 1.7.2)
    credentials_manager (0.16.2)
      colored
      commander (>= 4.3.5)
      highline (>= 1.7.1)
      security
    domain_name (0.5.20161129)
      unf (>= 0.0.5, < 1.0.0)
    escape (0.0.4)
    faraday (0.10.0)
      multipart-post (>= 1.2, < 3)
    faraday-cookie_jar (0.0.6)
      faraday (>= 0.7.4)
      http-cookie (~> 1.0.0)
    faraday_middleware (0.10.1)
      faraday (>= 0.7.4, < 1.0)
    fastimage (1.9.0)
      addressable (~> 2.3.5)
    ffi (1.9.14)
    formatador (0.2.5)
    fourflusher (2.0.1)
    fuzzy_match (2.0.4)
    gh_inspector (1.0.2)
    guard (2.14.0)
      formatador (>= 0.2.4)
      listen (>= 2.7, < 4.0)
      lumberjack (~> 1.0)
      nenv (~> 0.1)
      notiffany (~> 0.0)
      pry (>= 0.9.12)
      shellany (~> 0.0)
      thor (>= 0.18.1)
    highline (1.7.8)
    http-cookie (1.0.3)
      domain_name (~> 0.5)
    i18n (0.7.0)
    json (1.8.3)
    jsonapi-serializers (0.16.1)
      activesupport
    listen (3.1.5)
      rb-fsevent (~> 0.9, >= 0.9.4)
      rb-inotify (~> 0.9, >= 0.9.7)
      ruby_dep (~> 1.2)
    lumberjack (1.0.10)
    methadone (1.9.3)
      bundler
    method_source (0.8.2)
    minitest (5.10.1)
    molinillo (0.5.4)
    moticons (1.0.0)
      motion-cocoapods
    motion-appstore (1.0.11)
    motion-blitz (1.2.0)
      motion-cocoapods (>= 1.4.0)
    motion-cocoapods (1.8.1)
      cocoapods (>= 1.0.0)
    motion-provisioning (0.0.7)
      spaceship (~> 0.38)
    motion-require (0.2.0)
    motion-support (1.1.0)
      motion-require (>= 0.0.6)
    motion-yaml (1.4)
    motion_print (1.2.0)
    multi_xml (0.5.5)
    multipart-post (2.0.0)
    nanaimo (0.2.3)
    nap (1.1.0)
    nenv (0.3.0)
    netrc (0.7.8)
    newclear (1.3)
      reset-sim
    notiffany (0.1.1)
      nenv (~> 0.1)
      shellany (~> 0.0)
    plist (3.2.0)
    pry (0.10.4)
      coderay (~> 1.1.0)
      method_source (~> 0.8.1)
      slop (~> 3.4)
    rake (11.3.0)
    rb-fsevent (0.9.8)
    rb-inotify (0.9.7)
      ffi (>= 0.5.0)
    redpotion (1.5.0)
      ProMotion (>= 2.5.0)
      RedAlert
      motion-cocoapods
      motion_print
      rake
      ruby_motion_query (>= 1.7.0)
    reset-sim (1.1.1)
    ruby-xcdm (0.0.9)
      activesupport (~> 4.1)
      builder (~> 3.2)
      plist (~> 3.1)
    ruby_dep (1.5.0)
    ruby_motion_query (1.7.0)
    security (0.1.3)
    shellany (0.0.1)
    slop (3.6.0)
    spaceship (0.38.5)
      babosa (= 1.0.2)
      colored
      credentials_manager (>= 0.16.0)
      faraday (~> 0.9)
      faraday-cookie_jar (~> 0.0.6)
      faraday_middleware (~> 0.9)
      fastimage (~> 1.6)
      multi_xml (~> 0.5)
      plist (>= 3.1.0, < 4.0.0)
    thor (0.19.4)
    thread_safe (0.3.5)
    tzinfo (1.2.2)
      thread_safe (~> 0.1)
    unf (0.1.4)
      unf_ext
    unf_ext (0.0.7.2)
    webstub (1.1.6)
    xcodeproj (1.4.1)
      CFPropertyList (~> 2.3.3)
      activesupport (>= 3)
      claide (>= 1.0.1, < 2.0)
      colored (~> 1.2)
      nanaimo (~> 0.2.0)

PLATFORMS
  ruby

DEPENDENCIES
  ProMotion-XLForm
  afmotion
  bubble-wrap
  cdq
  guard-motion!
  jsonapi-serializers
  moticons
  motion-appstore
  motion-blitz
  motion-cocoapods
  motion-provisioning
  motion-support
  motion-yaml (= 1.4)
  newclear
  rake
  redpotion
  webstub

BUNDLED WITH
   1.13.6
